GIT
  remote: git://github.com/ogerman/backburner_spec
  revision: 94ecf79819db76c5800fa4619fc348accae21397
  specs:
    backburner_spec (0.0.1)
      backburner (>= 0.4.3)
      rspec-core (>= 2.14.0)
      rspec-expectations (>= 2.14.0)
      rspec-mocks (>= 2.14.0)

GIT
  remote: git://github.com/tjouan/spork.git
  revision: 49ab62dd1e3f250cc438be928cf47f6dd0763923
  branch: rspec-3
  specs:
    spork (1.0.0rc4)

GIT
  remote: git:datacube/opti-tools
  revision: 80fecb9840a2c7643c169d500deaf6053770ca76
  specs:
    opti-tools (0.2.7)
      hiredis (~> 0.5)
      redis (~> 3.1)
      text (~> 1.2)
      unf (~> 0.1)

GEM
  remote: https://rubygems.org/
  specs:
    actionmailer (4.1.4)
      actionpack (= 4.1.4)
      actionview (= 4.1.4)
      mail (~> 2.5.4)
    actionpack (4.1.4)
      actionview (= 4.1.4)
      activesupport (= 4.1.4)
      rack (~> 1.5.2)
      rack-test (~> 0.6.2)
    actionview (4.1.4)
      activesupport (= 4.1.4)
      builder (~> 3.1)
      erubis (~> 2.7.0)
    activemodel (4.1.4)
      activesupport (= 4.1.4)
      builder (~> 3.1)
    activerecord (4.1.4)
      activemodel (= 4.1.4)
      activesupport (= 4.1.4)
      arel (~> 5.0.0)
    activerecord-session_store (0.1.0)
      actionpack (>= 4.0.0, < 5)
      activerecord (>= 4.0.0, < 5)
      railties (>= 4.0.0, < 5)
    activesupport (4.1.4)
      i18n (~> 0.6, >= 0.6.9)
      json (~> 1.7, >= 1.7.7)
      minitest (~> 5.1)
      thread_safe (~> 0.1)
      tzinfo (~> 1.1)
    arel (5.0.1.20140414130214)
    backburner (0.4.5)
      beaneater (~> 0.3.1)
      dante (~> 0.1.5)
    bcrypt (3.1.7)
    beaneater (0.3.2)
    builder (3.2.2)
    capybara (2.4.1)
      mime-types (>= 1.16)
      nokogiri (>= 1.3.3)
      rack (>= 1.0.0)
      rack-test (>= 0.5.4)
      xpath (~> 2.0)
    celluloid (0.16.0.pre)
      timers (~> 2.0.0)
    childprocess (0.5.3)
      ffi (~> 1.0, >= 1.0.11)
    coderay (1.1.0)
    coffee-rails (4.0.1)
      coffee-script (>= 2.2.0)
      railties (>= 4.0.0, < 5.0)
    coffee-script (2.2.0)
      coffee-script-source
      execjs
    coffee-script-source (1.7.0)
    creek (1.0.5)
      nokogiri (~> 1.6.0)
      rubyzip (>= 1.0.0)
    dante (0.1.5)
    diff-lcs (1.2.5)
    erubis (2.7.0)
    exception_notification (4.0.1)
      actionmailer (>= 3.0.4)
      activesupport (>= 3.0.4)
    execjs (2.2.1)
    factory_girl (4.4.0)
      activesupport (>= 3.0.0)
    factory_girl_rails (4.4.1)
      factory_girl (~> 4.4.0)
      railties (>= 3.0.0)
    ffi (1.9.3)
    formatador (0.2.5)
    guard (2.6.1)
      formatador (>= 0.2.4)
      listen (~> 2.7)
      lumberjack (~> 1.0)
      pry (>= 0.9.12)
      thor (>= 0.18.1)
    guard-rspec (4.2.10)
      guard (~> 2.1)
      rspec (>= 2.14, < 4.0)
    guard-spork (1.5.1)
      childprocess (>= 0.2.3)
      guard (>= 1.1)
      spork (>= 0.8.4)
    haml (4.0.5)
      tilt
    haml-rails (0.5.3)
      actionpack (>= 4.0.1)
      activesupport (>= 4.0.1)
      haml (>= 3.1, < 5.0)
      railties (>= 4.0.1)
    hike (1.2.3)
    hiredis (0.5.2)
    hitimes (1.2.2)
    i18n (0.6.11)
    jquery-rails (3.1.1)
      railties (>= 3.0, < 5.0)
      thor (>= 0.14, < 2.0)
    json (1.8.1)
    kgio (2.9.2)
    listen (2.7.5)
      celluloid (>= 0.15.2)
      rb-fsevent (>= 0.9.3)
      rb-inotify (>= 0.9)
    lumberjack (1.0.9)
    mail (2.5.4)
      mime-types (~> 1.16)
      treetop (~> 1.4.8)
    method_source (0.8.2)
    mime-types (1.25.1)
    mini_portile (0.6.0)
    minitest (5.4.1)
    multi_json (1.10.1)
    nokogiri (1.6.2.1)
      mini_portile (= 0.6.0)
    pg (0.17.1)
    polyglot (0.3.5)
    pry (0.10.1)
      coderay (~> 1.1.0)
      method_source (~> 0.8.1)
      slop (~> 3.4)
    pry-rails (0.3.2)
      pry (>= 0.9.10)
    rack (1.5.2)
    rack-test (0.6.2)
      rack (>= 1.0)
    rails (4.1.4)
      actionmailer (= 4.1.4)
      actionpack (= 4.1.4)
      actionview (= 4.1.4)
      activemodel (= 4.1.4)
      activerecord (= 4.1.4)
      activesupport (= 4.1.4)
      bundler (>= 1.3.0, < 2.0)
      railties (= 4.1.4)
      sprockets-rails (~> 2.0)
    railties (4.1.4)
      actionpack (= 4.1.4)
      activesupport (= 4.1.4)
      rake (>= 0.8.7)
      thor (>= 0.18.1, < 2.0)
    raindrops (0.13.0)
    rake (10.3.2)
    rb-fsevent (0.9.4)
    rb-inotify (0.9.5)
      ffi (>= 0.5.0)
    redcarpet (3.1.2)
    redis (3.1.0)
    rspec (3.1.0)
      rspec-core (~> 3.1.0)
      rspec-expectations (~> 3.1.0)
      rspec-mocks (~> 3.1.0)
    rspec-core (3.1.2)
      rspec-support (~> 3.1.0)
    rspec-expectations (3.1.0)
      diff-lcs (>= 1.2.0, < 2.0)
      rspec-support (~> 3.1.0)
    rspec-mocks (3.1.0)
      rspec-support (~> 3.1.0)
    rspec-rails (3.1.0)
      actionpack (>= 3.0)
      activesupport (>= 3.0)
      railties (>= 3.0)
      rspec-core (~> 3.1.0)
      rspec-expectations (~> 3.1.0)
      rspec-mocks (~> 3.1.0)
      rspec-support (~> 3.1.0)
    rspec-support (3.1.0)
    rubyzip (1.1.6)
    sass (3.2.19)
    sass-rails (4.0.3)
      railties (>= 4.0.0, < 5.0)
      sass (~> 3.2.0)
      sprockets (~> 2.8, <= 2.11.0)
      sprockets-rails (~> 2.0)
    shoulda-matchers (2.6.1)
      activesupport (>= 3.0.0)
    slop (3.6.0)
    spork-rails (4.0.0)
      rails (>= 3.0.0, < 5)
      spork (>= 1.0rc0)
    sprockets (2.11.0)
      hike (~> 1.2)
      multi_json (~> 1.0)
      rack (~> 1.0)
      tilt (~> 1.1, != 1.3.0)
    sprockets-rails (2.1.3)
      actionpack (>= 3.0)
      activesupport (>= 3.0)
      sprockets (~> 2.8)
    text (1.3.0)
    thor (0.19.1)
    thread_safe (0.3.4)
    tilt (1.4.1)
    timers (2.0.0)
      hitimes
    treetop (1.4.15)
      polyglot
      polyglot (>= 0.3.1)
    tzinfo (1.2.2)
      thread_safe (~> 0.1)
    tzinfo-data (1.2014.5)
      tzinfo (>= 1.0.0)
    uglifier (2.5.0)
      execjs (>= 0.3.0)
      json (>= 1.8.0)
    unf (0.1.4)
      unf_ext
    unf_ext (0.0.6)
    unicorn (4.8.3)
      kgio (~> 2.6)
      rack
      raindrops (~> 0.7)
    unicorn-rails (2.1.1)
      rack
      unicorn
    xpath (2.0.0)
      nokogiri (~> 1.3)

PLATFORMS
  ruby

DEPENDENCIES
  activerecord-session_store (~> 0.1.0)
  backburner (~> 0.4)
  backburner_spec!
  bcrypt (~> 3.1.7)
  capybara (~> 2.3)
  celluloid (= 0.16.0.pre)
  coffee-rails (~> 4.0)
  creek (~> 1.0.5)
  exception_notification (~> 4.0)
  factory_girl_rails (~> 4.4)
  guard-rspec (~> 4.2.9)
  guard-spork (~> 1.5)
  haml-rails (~> 0.5)
  jquery-rails (~> 3.1)
  listen (= 2.7.5)
  opti-tools!
  pg (~> 0.17)
  pry-rails
  rails (~> 4.1.1)
  redcarpet (~> 3.1.2)
  rspec (~> 3.1)
  rspec-rails (~> 3.1)
  sass-rails (~> 4.0)
  shoulda-matchers (~> 2.6)
  spork!
  spork-rails (~> 4.0)
  tzinfo-data (~> 1.2014.2)
  uglifier (~> 2.0)
  unicorn-rails (~> 2.1)
